GEM
  remote: https://rubygems.org/
  specs:
    Ascii85 (1.1.0)
    activesupport (7.1.3.2)
      base64
      bigdecimal
      concurrent-ruby (~> 1.0, >= 1.0.2)
      connection_pool (>= 2.2.5)
      drb
      i18n (>= 1.6, < 2)
      minitest (>= 5.1)
      mutex_m
      tzinfo (~> 2.0)
    addressable (2.8.6)
      public_suffix (>= 2.0.2, < 6.0)
    adsf (1.5.0)
      rack (>= 1.0.0, < 4.0.0)
      rackup (~> 2.1)
    adsf-live (1.5.0)
      adsf (~> 1.3)
      em-websocket (~> 0.5)
      eventmachine (~> 1.2)
      listen (~> 3.0)
      rack-livereload (~> 0.3)
    afm (0.2.2)
    ast (2.4.2)
    async (2.9.0)
      console (~> 1.10)
      fiber-annotation
      io-event (~> 1.5, >= 1.5.1)
      timers (~> 4.1)
    base64 (0.2.0)
    bigdecimal (3.1.7)
    coderay (1.1.3)
    colored (1.2)
    concurrent-ruby (1.2.3)
    connection_pool (2.4.1)
    console (1.23.5)
      fiber-annotation
      fiber-local
      json
    cri (2.15.11)
    ddmetrics (1.1.0)
    ddplugin (1.0.3)
    diff-lcs (1.5.1)
    drb (2.2.1)
    em-websocket (0.5.3)
      eventmachine (>= 0.12.9)
      http_parser.rb (~> 0)
    ethon (0.16.0)
      ffi (>= 1.15.0)
    eventmachine (1.2.7)
    ffi (1.16.3)
    fiber-annotation (0.2.0)
    fiber-local (1.0.0)
    govuk_markdown (2.0.1)
      activesupport
      redcarpet
    hashery (2.1.2)
    html-proofer (5.0.8)
      addressable (~> 2.3)
      async (~> 2.1)
      nokogiri (~> 1.13)
      pdf-reader (~> 2.11)
      rainbow (~> 3.0)
      typhoeus (~> 1.3)
      yell (~> 2.0)
      zeitwerk (~> 2.5)
    http_parser.rb (0.8.0)
    i18n (1.14.4)
      concurrent-ruby (~> 1.0)
    immutable-ruby (0.1.0)
      concurrent-ruby (~> 1.1)
      sorted_set (~> 1.0)
    io-event (1.5.1)
    json (2.7.2)
    json_schema (0.21.0)
    language_server-protocol (3.17.0.3)
    listen (3.8.0)
      rb-fsevent (~> 0.10, >= 0.10.3)
      rb-inotify (~> 0.9, >= 0.9.10)
    memo_wise (1.8.0)
    method_source (1.0.0)
    minitest (5.22.3)
    mutex_m (0.2.0)
    nanoc (4.12.20)
      addressable (~> 2.5)
      colored (~> 1.2)
      nanoc-checking (~> 1.0, >= 1.0.2)
      nanoc-cli (= 4.12.20)
      nanoc-core (= 4.12.20)
      nanoc-deploying (~> 1.0)
      parallel (~> 1.12)
      tty-command (~> 0.8)
      tty-which (~> 0.4)
    nanoc-checking (1.0.3)
      nanoc-cli (~> 4.12, >= 4.12.5)
      nanoc-core (~> 4.12, >= 4.12.5)
    nanoc-cli (4.12.20)
      cri (~> 2.15)
      diff-lcs (~> 1.3)
      nanoc-core (= 4.12.20)
      pry
      zeitwerk (~> 2.1)
    nanoc-core (4.12.20)
      base64 (~> 0.2)
      concurrent-ruby (~> 1.1)
      ddmetrics (~> 1.0)
      ddplugin (~> 1.0)
      immutable-ruby (~> 0.1)
      json_schema (~> 0.19)
      memo_wise (~> 1.5)
      psych (>= 4.0, < 6.0)
      slow_enumerator_tools (~> 1.0)
      tty-platform (~> 0.2)
      zeitwerk (~> 2.1)
    nanoc-deploying (1.0.2)
      nanoc-checking (~> 1.0)
      nanoc-cli (~> 4.11, >= 4.11.15)
      nanoc-core (~> 4.11, >= 4.11.15)
    nanoc-live (1.0.0)
      adsf-live (~> 1.4)
      listen (~> 3.0)
      nanoc-cli (~> 4.11, >= 4.11.14)
      nanoc-core (~> 4.11, >= 4.11.14)
    nokogiri (1.16.3-arm64-darwin)
      racc (~> 1.4)
    nokogiri (1.16.3-x86_64-darwin)
      racc (~> 1.4)
    nokogiri (1.16.3-x86_64-linux)
      racc (~> 1.4)
    parallel (1.24.0)
    parser (3.3.0.5)
      ast (~> 2.4.1)
      racc
    pastel (0.8.0)
      tty-color (~> 0.5)
    pdf-reader (2.12.0)
      Ascii85 (~> 1.0)
      afm (~> 0.2.1)
      hashery (~> 2.0)
      ruby-rc4
      ttfunk
    pry (0.14.2)
      coderay (~> 1.1)
      method_source (~> 1.0)
    psych (5.1.2)
      stringio
    public_suffix (5.0.4)
    racc (1.7.3)
    rack (3.0.10)
    rack-livereload (0.5.1)
      rack
    rackup (2.1.0)
      rack (>= 3)
      webrick (~> 1.8)
    rainbow (3.1.1)
    rb-fsevent (0.11.2)
    rb-inotify (0.10.1)
      ffi (~> 1.0)
    rbtree (0.4.6)
    redcarpet (3.6.0)
    regexp_parser (2.9.0)
    rexml (3.2.6)
    rubocop (1.62.1)
      json (~> 2.3)
      language_server-protocol (>= 3.17.0)
      parallel (~> 1.10)
      parser (>= 3.3.0.2)
      rainbow (>= 2.2.2, < 4.0)
      regexp_parser (>= 1.8, < 3.0)
      rexml (>= 3.2.5, < 4.0)
      rubocop-ast (>= 1.31.1, < 2.0)
      ruby-progressbar (~> 1.7)
      unicode-display_width (>= 2.4.0, < 3.0)
    rubocop-ast (1.31.2)
      parser (>= 3.3.0.4)
    rubocop-capybara (2.20.0)
      rubocop (~> 1.41)
    rubocop-factory_bot (2.25.1)
      rubocop (~> 1.41)
    rubocop-govuk (4.16.1)
      rubocop (= 1.62.1)
      rubocop-ast (= 1.31.2)
      rubocop-rails (= 2.24.1)
      rubocop-rake (= 0.6.0)
      rubocop-rspec (= 2.28.0)
    rubocop-rails (2.24.1)
      activesupport (>= 4.2.0)
      rack (>= 1.1)
      rubocop (>= 1.33.0, < 2.0)
      rubocop-ast (>= 1.31.1, < 2.0)
    rubocop-rake (0.6.0)
      rubocop (~> 1.0)
    rubocop-rspec (2.28.0)
      rubocop (~> 1.40)
      rubocop-capybara (~> 2.17)
      rubocop-factory_bot (~> 2.22)
      rubocop-rspec_rails (~> 2.28)
    rubocop-rspec_rails (2.28.2)
      rubocop (~> 1.40)
    ruby-progressbar (1.13.0)
    ruby-rc4 (0.1.5)
    rubypants (0.7.1)
    sassc (2.4.0)
      ffi (~> 1.9)
    set (1.1.0)
    slow_enumerator_tools (1.1.0)
    sorted_set (1.0.3)
      rbtree
      set (~> 1.0)
    stringio (3.1.0)
    timers (4.3.5)
    ttfunk (1.8.0)
      bigdecimal (~> 3.1)
    tty-color (0.6.0)
    tty-command (0.10.1)
      pastel (~> 0.8)
    tty-platform (0.3.0)
    tty-which (0.5.0)
    typhoeus (1.4.1)
      ethon (>= 0.9.0)
    tzinfo (2.0.6)
      concurrent-ruby (~> 1.0)
    unicode-display_width (2.5.0)
    webrick (1.8.1)
    yell (2.2.2)
    zeitwerk (2.6.13)

PLATFORMS
  arm64-darwin-22
  arm64-darwin-23
  x86_64-darwin-20
  x86_64-linux

DEPENDENCIES
  base64
  govuk_markdown
  html-proofer (~> 5.0)
  nanoc
  nanoc-live
  nokogiri
  rubocop-govuk
  rubypants
  sassc
  webrick

BUNDLED WITH
   2.4.19
